GEM
  remote: https://rubygems.org/
  specs:
    diff-lcs (1.1.3)
    ffi (1.1.5)
    geokit (1.6.5)
      multi_json
    growl (1.0.3)
    guard (1.4.0)
      listen (>= 0.4.2)
      thor (>= 0.14.6)
    guard-bundler (1.0.0)
      bundler (~> 1.0)
      guard (~> 1.1)
    guard-rspec (2.0.0)
      guard (>= 1.1)
      rspec (~> 2.11)
    libnotify (0.8.0)
      ffi (>= 1.0.11)
    listen (0.5.3)
    multi_json (1.3.6)
    rake (0.9.2.2)
    rb-fsevent (0.9.2)
    rb-inotify (0.8.8)
      ffi (>= 0.5.0)
    rspec (2.11.0)
      rspec-core (~> 2.11.0)
      rspec-expectations (~> 2.11.0)
      rspec-mocks (~> 2.11.0)
    rspec-core (2.11.1)
    rspec-expectations (2.11.3)
      diff-lcs (~> 1.1.3)
    rspec-mocks (2.11.3)
    thor (0.16.0)
    vcr (2.2.5)

PLATFORMS
  ruby

DEPENDENCIES
  geokit
  growl
  guard-bundler
  guard-rspec
  libnotify
  rake
  rb-fsevent
  rb-inotify
  rspec
  vcr
